GEM
  remote: http://rubygems.org/
  specs:
    daemons (1.1.9)
    eventmachine (1.0.0)
    haml (3.1.7)
    rack (1.4.1)
    redis (3.0.2)
    sinatra (1.1.0)
      rack (~> 1.1)
      tilt (~> 1.1)
    stamp (0.1.6)
    thin (1.5.0)
      daemons (>= 1.0.9)
      eventmachine (>= 0.12.6)
      rack (>= 1.0.0)
    tilt (1.3.3)

PLATFORMS
  ruby

DEPENDENCIES
  haml
  redis
  sinatra (= 1.1.0)
  stamp
  thin
